GIT
  remote: https://github.com/chriseppstein/compass
  revision: 206cf467e20d3ae08d2e824bd0e8be2a98d15158
  branch: master
  specs:
    compass (0.13.alpha.0.206cf46)
      chunky_png (~> 1.2)
      fssm (>= 0.2.7)
      sass (~> 3.2.0.alpha.93)

GEM
  remote: https://rubygems.org/
  specs:
    chunky_png (1.2.5)
    fssm (0.2.9)
    sass (3.2.0.alpha.277)

PLATFORMS
  ruby

DEPENDENCIES
  compass!
  sass (~> 3.2.0.alpha.237)
